GEM
  remote: http://rubygems.org/
  specs:
    json (2.3.0)
    json (2.3.0-java)
    json_pure (2.2.0)
    power_assert (1.1.7)
    rake (13.0.1)
    rdoc (6.2.1)
    rr (1.2.1)
    test-unit (3.3.5)
      power_assert
    test-unit-rr (1.0.5)
      rr (>= 1.1.1)
      test-unit (>= 2.5.2)

PLATFORMS
  java
  ruby

DEPENDENCIES
  json (~> 2.3.0)
  json_pure (~> 2.2.0)
  rake
  rdoc
  rr
  test-unit
  test-unit-rr

BUNDLED WITH
   2.0.2
