GEM
  remote: http://rubygems.org/
  specs:
    json (1.4.6)
    json_pure (1.4.6)
    rake (0.9.2.2)
    rr (1.0.4)

PLATFORMS
  ruby

DEPENDENCIES
  json (~> 1.4.0)
  json_pure (~> 1.4.0)
  rake
  rr (~> 1.0)
