GEM
  remote: http://rubygems.org/
  specs:
    json (1.4.6)
    json_pure (1.4.6)
    rr (1.0.0)

PLATFORMS
  ruby

DEPENDENCIES
  json (~> 1.4)
  json_pure (~> 1.4)
  rr (>= 0.10.11)
